PATH
  remote: .
  specs:
    dynamic_searchable (0.0.1)

GEM
  remote: http://rubygems.org/
  specs:
    activemodel (3.0.1)
      activesupport (= 3.0.1)
      builder (~> 2.1.2)
      i18n (~> 0.4.1)
    activerecord (3.0.1)
      activemodel (= 3.0.1)
      activesupport (= 3.0.1)
      arel (~> 1.0.0)
      tzinfo (~> 0.3.23)
    activesupport (3.0.1)
    arel (1.0.1)
      activesupport (~> 3.0.0)
    builder (2.1.2)
    database_cleaner (0.5.2)
    diff-lcs (1.1.2)
    i18n (0.4.2)
    rspec (2.2.0)
      rspec-core (~> 2.2)
      rspec-expectations (~> 2.2)
      rspec-mocks (~> 2.2)
    rspec-core (2.2.1)
    rspec-expectations (2.2.0)
      diff-lcs (~> 1.1.2)
    rspec-mocks (2.2.0)
    sqlite3-ruby (1.3.2)
    tzinfo (0.3.23)

PLATFORMS
  ruby

DEPENDENCIES
  activemodel (= 3.0.1)
  activerecord (= 3.0.1)
  activesupport (= 3.0.1)
  bundler (>= 1.0.0)
  database_cleaner (= 0.5.2)
  dynamic_searchable!
  rspec (>= 2.0.1)
  sqlite3-ruby (>= 1.3.2)
